GEM
  remote: https://rubygems.org/
  specs:
    colorize (0.7.0)

PLATFORMS
  ruby

DEPENDENCIES
  colorize
